GEM
  remote: http://rubygems.org/
  specs:
    RedCloth (4.2.8)
    capistrano (2.8.0)
      highline
      net-scp (>= 1.0.0)
      net-sftp (>= 2.0.0)
      net-ssh (>= 2.0.14)
      net-ssh-gateway (>= 1.1.0)
    capistrano-ext (1.2.1)
      capistrano (>= 1.0.0)
    daemons (1.0.10)
    erubis (2.7.0)
    gem_plugin (0.2.3)
    highline (1.6.2)
    itextomml (1.4.7)
    json (1.6.0)
    mongrel (1.2.0.pre2)
      daemons (~> 1.0.10)
      gem_plugin (~> 0.2.3)
    mysql (2.8.1)
    net-scp (1.0.4)
      net-ssh (>= 1.99.1)
    net-sftp (2.0.5)
      net-ssh (>= 2.0.9)
    net-ssh (2.2.1)
    net-ssh-gateway (1.1.0)
      net-ssh (>= 1.99.1)
    nokogiri (1.5.0)
    rack (1.3.2)
    rake (0.9.2)
    rdoc (3.9.4)
    rubyzip (0.9.4)
    sqlite3 (1.3.4)
    sqlite3-ruby (1.3.3)
      sqlite3 (>= 1.3.3)

PLATFORMS
  ruby

DEPENDENCIES
  RedCloth (>= 4.0.0)
  capistrano
  capistrano-ext
  erubis
  itextomml (>= 1.4.7)
  json
  mongrel (>= 1.2.0.pre2)
  mysql
  nokogiri
  rack (>= 1.1.0)
  rake
  rdoc
  rubyzip
  sqlite3-ruby
